GEM
  remote: https://rubygems.org/
  specs:
    byebug (11.1.3)
    os (1.1.4)

PLATFORMS
  ruby
  x86_64-linux

DEPENDENCIES
  byebug
  os

BUNDLED WITH
   2.5.17
